PATH
  remote: .
  specs:
    minter (0.0.1)

GEM
  remote: https://rubygems.org/
  specs:
    bip_mnemonic (0.0.4)
    byebug (11.1.1)
    coderay (1.1.2)
    diff-lcs (1.3)
    ffi (1.12.2)
    method_source (1.0.0)
    money-tree (0.10.0)
      ffi
    pry (0.13.1)
      coderay (~> 1.1)
      method_source (~> 1.0)
    pry-byebug (3.9.0)
      byebug (~> 11.0)
      pry (~> 0.13.0)
    rake (12.3.3)
    rspec (3.9.0)
      rspec-core (~> 3.9.0)
      rspec-expectations (~> 3.9.0)
      rspec-mocks (~> 3.9.0)
    rspec-core (3.9.1)
      rspec-support (~> 3.9.1)
    rspec-expectations (3.9.1)
      diff-lcs (>= 1.2.0, < 2.0)
      rspec-support (~> 3.9.0)
    rspec-mocks (3.9.1)
      diff-lcs (>= 1.2.0, < 2.0)
      rspec-support (~> 3.9.0)
    rspec-support (3.9.2)

PLATFORMS
  ruby

DEPENDENCIES
  bip_mnemonic
  ffi
  minter!
  money-tree
  pry-byebug
  rake (~> 12.0)
  rspec (~> 3.0)

BUNDLED WITH
   2.1.2
